GIT
  remote: git://github.com/Hobo/hobo_paperclip
  revision: abb4e77b849e78be9f1594b7304b71dc5a76157d
  specs:
    hobo_paperclip (0.0.4)
      hobo
      paperclip

GIT
  remote: git://github.com/Hobo/hobo_simple_color
  revision: 6222ef21c34f12dafea791a9fa3f2c67d63908a9
  specs:
    hobo_simple_color (0.0.2)
      hobo (> 1.4.0.pre4)

GIT
  remote: git://github.com/Hobo/hobo_tokeninput
  revision: 271317004e0a3c6fd6083405b30193e3fbbae0ba
  specs:
    hobo_tokeninput (0.0.1)
      hobo (> 1.4.0.pre5)

PATH
  remote: ../..
  specs:
    dryml (2.1.0)
      actionpack (~> 4.0.2)
      hobo_support (= 2.1.0)
    hobo (2.1.0)
      dryml (= 2.1.0)
      hobo_fields (= 2.1.0)
      hobo_support (= 2.1.0)
      hobo_will_paginate
    hobo_fields (2.1.0)
      hobo_support (= 2.1.0)
    hobo_jquery (2.1.0)
      hobo_rapid (= 2.1.0)
      jquery-rails (~> 2.0)
    hobo_jquery_ui (2.1.0)
      hobo (= 2.1.0)
      hobo_jquery (= 2.1.0)
      jquery-ui-themes (~> 0.0.4)
    hobo_rapid (2.1.0)
      hobo (= 2.1.0)
    hobo_support (2.1.0)
      rails (~> 4.0.2)

PATH
  remote: ../../../hobo_bootstrap
  specs:
    hobo_bootstrap (2.1.0)
      bootstrap-sass (~> 2.1)
      hobo_jquery (>= 2.0)
      hobo_will_paginate-bootstrap

PATH
  remote: ../../../hobo_bootstrap_ui
  specs:
    hobo_bootstrap_ui (2.1.0)
      bootstrap-datepicker-rails
      hobo_bootstrap (>= 2.0)

GEM
  remote: http://rubygems.org/
  specs:
    RedCloth (4.2.9)
    actionmailer (4.0.8)
      actionpack (= 4.0.8)
      mail (~> 2.5.4)
    actionpack (4.0.8)
      activesupport (= 4.0.8)
      builder (~> 3.1.0)
      erubis (~> 2.7.0)
      rack (~> 1.5.2)
      rack-test (~> 0.6.2)
    activemodel (4.0.8)
      activesupport (= 4.0.8)
      builder (~> 3.1.0)
    activerecord (4.0.8)
      activemodel (= 4.0.8)
      activerecord-deprecated_finders (~> 1.0.2)
      activesupport (= 4.0.8)
      arel (~> 4.0.0)
    activerecord-deprecated_finders (1.0.3)
    activesupport (4.0.8)
      i18n (~> 0.6, >= 0.6.9)
      minitest (~> 4.2)
      multi_json (~> 1.3)
      thread_safe (~> 0.1)
      tzinfo (~> 0.3.37)
    acts_as_list (0.4.0)
      activerecord (>= 3.0)
    addressable (2.3.6)
    arel (4.0.2)
    awesome_print (1.2.0)
    better_errors (1.1.0)
      coderay (>= 1.0.0)
      erubis (>= 2.6.6)
    binding_of_caller (0.7.2)
      debug_inspector (>= 0.0.1)
    bootstrap-datepicker-rails (1.3.0.2)
      railties (>= 3.0)
    bootstrap-sass (2.3.2.2)
      sass (~> 3.2)
    builder (3.1.4)
    capybara (2.4.1)
      mime-types (>= 1.16)
      nokogiri (>= 1.3.3)
      rack (>= 1.0.0)
      rack-test (>= 0.5.4)
      xpath (~> 2.0)
    capybara-screenshot (0.3.20)
      capybara (>= 1.0, < 3)
      launchy
    childprocess (0.5.3)
      ffi (~> 1.0, >= 1.0.11)
    climate_control (0.0.3)
      activesupport (>= 3.0)
    cocaine (0.5.4)
      climate_control (>= 0.0.3, < 1.0)
    coderay (1.1.0)
    coffee-rails (4.0.1)
      coffee-script (>= 2.2.0)
      railties (>= 4.0.0, < 5.0)
    coffee-script (2.3.0)
      coffee-script-source
      execjs
    coffee-script-source (1.7.1)
    database_cleaner (1.3.0)
    debug_inspector (0.0.2)
    erubis (2.7.0)
    execjs (2.2.1)
    factory_girl (4.4.0)
      activesupport (>= 3.0.0)
    factory_girl_rails (4.4.1)
      factory_girl (~> 4.4.0)
      railties (>= 3.0.0)
    ffi (1.9.3)
    hike (1.2.3)
    hobo_will_paginate (2.1.1)
    hobo_will_paginate-bootstrap (1.0.0)
      hobo_will_paginate
    httparty (0.13.1)
      json (~> 1.8)
      multi_xml (>= 0.5.2)
    i18n (0.6.11)
    jquery-rails (2.3.0)
      railties (>= 3.0, < 5.0)
      thor (>= 0.14, < 2.0)
    jquery-ui-themes (0.0.11)
      httparty
    json (1.8.1)
    kramdown (1.4.0)
    launchy (2.4.2)
      addressable (~> 2.3)
    mail (2.5.4)
      mime-types (~> 1.16)
      treetop (~> 1.4.8)
    mime-types (1.25.1)
    mini_portile (0.6.0)
    minitest (4.7.5)
    multi_json (1.10.1)
    multi_xml (0.5.5)
    nokogiri (1.6.2.1)
      mini_portile (= 0.6.0)
    paperclip (3.5.2)
      activemodel (>= 3.0.0)
      activesupport (>= 3.0.0)
      cocaine (~> 0.5.3)
      mime-types
    polyglot (0.3.5)
    protected_attributes (1.0.8)
      activemodel (>= 4.0.1, < 5.0)
    rack (1.5.2)
    rack-test (0.6.2)
      rack (>= 1.0)
    rails (4.0.8)
      actionmailer (= 4.0.8)
      actionpack (= 4.0.8)
      activerecord (= 4.0.8)
      activesupport (= 4.0.8)
      bundler (>= 1.3.0, < 2.0)
      railties (= 4.0.8)
      sprockets-rails (~> 2.0)
    railties (4.0.8)
      actionpack (= 4.0.8)
      activesupport (= 4.0.8)
      rake (>= 0.8.7)
      thor (>= 0.18.1, < 2.0)
    rake (10.3.2)
    rubyzip (1.1.6)
    sass (3.2.19)
    sass-rails (4.0.3)
      railties (>= 4.0.0, < 5.0)
      sass (~> 3.2.0)
      sprockets (~> 2.8, <= 2.11.0)
      sprockets-rails (~> 2.0)
    selenium-webdriver (2.42.0)
      childprocess (>= 0.5.0)
      multi_json (~> 1.0)
      rubyzip (~> 1.0)
      websocket (~> 1.0.4)
    shoulda (3.5.0)
      shoulda-context (~> 1.0, >= 1.0.1)
      shoulda-matchers (>= 1.4.1, < 3.0)
    shoulda-context (1.2.1)
    shoulda-matchers (2.6.1)
      activesupport (>= 3.0.0)
    sprockets (2.11.0)
      hike (~> 1.2)
      multi_json (~> 1.0)
      rack (~> 1.0)
      tilt (~> 1.1, != 1.3.0)
    sprockets-rails (2.1.3)
      actionpack (>= 3.0)
      activesupport (>= 3.0)
      sprockets (~> 2.8)
    sqlite3 (1.3.9)
    thor (0.19.1)
    thread_safe (0.3.4)
    tilt (1.4.1)
    treetop (1.4.15)
      polyglot
      polyglot (>= 0.3.1)
    tzinfo (0.3.40)
    uglifier (2.5.1)
      execjs (>= 0.3.0)
      json (>= 1.8.0)
    websocket (1.0.7)
    xpath (2.0.0)
      nokogiri (~> 1.3)

PLATFORMS
  ruby

DEPENDENCIES
  RedCloth
  activerecord-jdbcsqlite3-adapter
  acts_as_list
  awesome_print
  better_errors
  binding_of_caller
  capybara
  capybara-screenshot
  coffee-rails (~> 4.0.0)
  database_cleaner
  factory_girl_rails
  hobo!
  hobo_bootstrap!
  hobo_bootstrap_ui!
  hobo_jquery_ui!
  hobo_paperclip!
  hobo_simple_color!
  hobo_tokeninput!
  hobo_will_paginate
  jquery-rails
  jquery-ui-themes (~> 0.0.4)
  kramdown
  paperclip (= 3.5.2)
  protected_attributes
  rails (= 4.0.8)
  sass-rails (~> 4.0.0)
  selenium-webdriver
  shoulda
  sqlite3
  uglifier (>= 1.0.3)
